GEM
  remote: https://rubygems.org/
  specs:
    c42 (0.0.12)
      thor (~> 0.20.0)
    capistrano (2.15.4)
      highline
      net-scp (>= 1.0.0)
      net-sftp (>= 2.0.0)
      net-ssh (>= 2.0.14)
      net-ssh-gateway (>= 1.1.0)
    highline (1.7.10)
    mini_portile2 (2.3.0)
    net-scp (1.2.1)
      net-ssh (>= 2.6.5)
    net-sftp (2.1.2)
      net-ssh (>= 2.6.5)
    net-ssh (4.2.0)
    net-ssh-gateway (2.0.0)
      net-ssh (>= 4.0.0)
    nokogiri (1.8.1)
      mini_portile2 (~> 2.3.0)
    railsless-deploy (1.1.3)
    thor (0.20.0)

PLATFORMS
  ruby

DEPENDENCIES
  c42
  capistrano (= 2.15.4)
  net-ssh
  nokogiri
  railsless-deploy

BUNDLED WITH
   1.15.4
