GEM
  remote: https://rubygems.org/
  specs:
    c42 (0.0.12)
      thor (~> 0.20.0)
    capistrano (2.15.9)
      highline
      net-scp (>= 1.0.0)
      net-sftp (>= 2.0.0)
      net-ssh (>= 2.0.14)
      net-ssh-gateway (>= 1.1.0)
    capistrano-strategy-copy-partial (0.0.1)
      capistrano (>= 2.5.5)
    highline (1.7.10)
    io-console (0.4.6)
    net-scp (1.2.1)
      net-ssh (>= 2.6.5)
    net-sftp (2.1.2)
      net-ssh (>= 2.6.5)
    net-ssh (4.2.0)
    net-ssh-gateway (2.0.0)
      net-ssh (>= 4.0.0)
    railsless-deploy (1.1.3)
    thor (0.20.0)

PLATFORMS
  ruby

DEPENDENCIES
  c42
  capistrano (= 2.15.9)
  capistrano-strategy-copy-partial
  io-console
  railsless-deploy

BUNDLED WITH
   1.16.1
